GEM
  remote: http://rubygems.org/
  specs:
    daemons (1.2.3)
    eventmachine (1.2.0.1)
    i18n (0.7.0)
    maruku (0.7.2)
    rack (1.6.11)
    rack-protection (1.5.3)
      rack
    rack-ssl-enforcer (0.2.9)
    sinatra (1.4.7)
      rack (~> 1.5)
      rack-protection (~> 1.4)
      tilt (>= 1.3, < 3)
    thin (1.6.4)
      daemons (~> 1.0, >= 1.0.9)
      eventmachine (~> 1.0, >= 1.0.4)
      rack (~> 1.0)
    tilt (2.0.4)

PLATFORMS
  ruby

DEPENDENCIES
  i18n
  maruku
  rack-ssl-enforcer
  sinatra
  thin

RUBY VERSION
   ruby 2.6.5p114

BUNDLED WITH
   1.17.2
